PATH
  remote: .
  specs:
    sum_sum (0.0.4)

GEM
  remote: http://rubygems.org/
  specs:
    configuration (1.2.0)
    diff-lcs (1.1.2)
    growl (1.0.3)
    guard (0.3.0)
      open_gem (~> 1.4.2)
      thor (~> 0.14.6)
    guard-rspec (0.1.9)
      guard (>= 0.2.2)
    launchy (0.3.7)
      configuration (>= 0.0.5)
      rake (>= 0.8.1)
    open_gem (1.4.2)
      launchy (~> 0.3.5)
    rake (0.8.7)
    rb-fsevent (0.3.9)
    rspec (2.4.0)
      rspec-core (~> 2.4.0)
      rspec-expectations (~> 2.4.0)
      rspec-mocks (~> 2.4.0)
    rspec-core (2.4.0)
    rspec-expectations (2.4.0)
      diff-lcs (~> 1.1.2)
    rspec-mocks (2.4.0)
    thor (0.14.6)

PLATFORMS
  ruby

DEPENDENCIES
  growl (>= 1.0.3)
  guard-rspec (>= 0.1.9)
  rb-fsevent (>= 0.3.9)
  rspec (>= 2.4.0)
  sum_sum!
